GEM
  remote: https://rubygems.org/
  specs:
<<<<<<< HEAD
    concurrent-ruby (1.2.3)
    et-orbi (1.2.7)
      tzinfo
    fugit (1.9.0)
      et-orbi (~> 1, >= 1.2.7)
      raabro (~> 1.4)
    kgio (2.11.4)
=======
    base64 (0.2.0)
>>>>>>> bf8341d4ba2decde1277e6fd45c994923b4860d0
    mustermann (3.0.0)
      ruby2_keywords (~> 0.0.1)
    nio4r (2.7.0)
    nokogiri (1.16.0-x86_64-linux)
      racc (~> 1.4)
<<<<<<< HEAD
    raabro (1.4.0)
    racc (1.6.2)
=======
    puma (6.4.2)
      nio4r (~> 2.0)
    racc (1.7.3)
>>>>>>> bf8341d4ba2decde1277e6fd45c994923b4860d0
    rack (2.2.8)
    rack-protection (3.2.0)
      base64 (>= 0.1.0)
      rack (~> 2.2, >= 2.2.4)
    ruby2_keywords (0.0.5)
<<<<<<< HEAD
    rufus-scheduler (3.9.1)
      fugit (~> 1.1, >= 1.1.6)
    sinatra (3.1.0)
=======
    sinatra (3.2.0)
>>>>>>> bf8341d4ba2decde1277e6fd45c994923b4860d0
      mustermann (~> 3.0)
      rack (~> 2.2, >= 2.2.4)
      rack-protection (= 3.2.0)
      tilt (~> 2.0)
    tilt (2.3.0)
<<<<<<< HEAD
    tzinfo (2.0.6)
      concurrent-ruby (~> 1.0)
    unicorn (6.1.0)
      kgio (~> 2.6)
      raindrops (~> 0.7)
=======
>>>>>>> bf8341d4ba2decde1277e6fd45c994923b4860d0

PLATFORMS
  x86_64-linux

DEPENDENCIES
  nokogiri
<<<<<<< HEAD
  rufus-scheduler
=======
  puma
>>>>>>> bf8341d4ba2decde1277e6fd45c994923b4860d0
  sinatra

RUBY VERSION
   ruby 3.2.2p53

BUNDLED WITH
   2.4.10
